GEM
  remote: https://rubygems.org/
  specs:
    actionmailer (4.1.8)
      actionpack (= 4.1.8)
      actionview (= 4.1.8)
      mail (~> 2.5, >= 2.5.4)
    actionpack (4.1.8)
      actionview (= 4.1.8)
      activesupport (= 4.1.8)
      rack (~> 1.5.2)
      rack-test (~> 0.6.2)
    actionview (4.1.8)
      activesupport (= 4.1.8)
      builder (~> 3.1)
      erubis (~> 2.7.0)
    active_model_serializers (0.9.3)
      activemodel (>= 3.2)
    activemodel (4.1.8)
      activesupport (= 4.1.8)
      builder (~> 3.1)
    activerecord (4.1.8)
      activemodel (= 4.1.8)
      activesupport (= 4.1.8)
      arel (~> 5.0.0)
    activesupport (4.1.8)
      i18n (~> 0.6, >= 0.6.9)
      json (~> 1.7, >= 1.7.7)
      minitest (~> 5.1)
      thread_safe (~> 0.1)
      tzinfo (~> 1.1)
    arel (5.0.1.20140414130214)
    autoprefixer-rails (5.1.7)
      execjs
      json
    barber (0.6.0)
      ember-source
      execjs
      handlebars-source (>= 1.0.0.rc.4)
    bootstrap-sass (3.3.3)
      autoprefixer-rails (>= 5.0.0.1)
      sass (>= 3.2.19)
    builder (3.2.2)
    commonjs (0.2.7)
    curb (0.7.18)
    ember-data-source (1.0.0.beta.15)
      ember-source (~> 1.8)
    ember-rails (0.15.1)
      active_model_serializers
      barber (>= 0.4.1)
      ember-data-source (>= 1.0.0.beta.5)
      ember-source (>= 1.1.0)
      execjs (>= 1.2)
      handlebars-source (> 1.0.0)
      jquery-rails (>= 1.0.17)
      railties (>= 3.1)
    ember-source (1.8.1)
      handlebars-source (~> 1.0)
    erubis (2.7.0)
    execjs (2.3.0)
    font-awesome-rails (4.3.0.0)
      railties (>= 3.2, < 5.0)
    geocomplete_rails (1.6.4)
      railties (>= 3.1)
    google_directions (0.1.6.2)
      nokogiri (>= 1.4.1)
    handlebars (0.5.0)
      commonjs (~> 0.2.3)
      handlebars-source (~> 1.0.12)
      therubyracer (~> 0.12.0)
    handlebars-rails (0.3.2)
      handlebars (~> 0.5.0)
      rails (>= 3.0)
    handlebars-source (1.0.12)
    hike (1.2.3)
    i18n (0.7.0)
    jquery-rails (3.1.2)
      railties (>= 3.0, < 5.0)
      thor (>= 0.14, < 2.0)
    json (1.8.2)
    libv8 (3.16.14.7)
    mail (2.6.3)
      mime-types (>= 1.16, < 3)
    mime-types (2.4.3)
    mini_portile (0.6.2)
    minitest (5.5.1)
    multi_json (1.10.1)
    nokogiri (1.6.6.2)
      mini_portile (~> 0.6.0)
    pg (0.17.1)
    puma (2.11.1)
      rack (>= 1.1, < 2.0)
    rack (1.5.2)
    rack-test (0.6.3)
      rack (>= 1.0)
    rails (4.1.8)
      actionmailer (= 4.1.8)
      actionpack (= 4.1.8)
      actionview (= 4.1.8)
      activemodel (= 4.1.8)
      activerecord (= 4.1.8)
      activesupport (= 4.1.8)
      bundler (>= 1.3.0, < 2.0)
      railties (= 4.1.8)
      sprockets-rails (~> 2.0)
    railties (4.1.8)
      actionpack (= 4.1.8)
      activesupport (= 4.1.8)
      rake (>= 0.8.7)
      thor (>= 0.18.1, < 2.0)
    rake (10.4.2)
    redis (3.2.1)
    ref (1.0.5)
    sass (3.2.19)
    sass-rails (4.0.5)
      railties (>= 4.0.0, < 5.0)
      sass (~> 3.2.2)
      sprockets (~> 2.8, < 3.0)
      sprockets-rails (~> 2.0)
    spring (1.3.3)
    sprockets (2.12.3)
      hike (~> 1.2)
      multi_json (~> 1.0)
      rack (~> 1.0)
      tilt (~> 1.1, != 1.3.0)
    sprockets-rails (2.2.4)
      actionpack (>= 3.0)
      activesupport (>= 3.0)
      sprockets (>= 2.8, < 4.0)
    therubyracer (0.12.1)
      libv8 (~> 3.16.14.0)
      ref
    thor (0.19.1)
    thread_safe (0.3.4)
    tilt (1.4.1)
    tzinfo (1.2.2)
      thread_safe (~> 0.1)
    uglifier (2.7.1)
      execjs (>= 0.3.0)
      json (>= 1.8.0)

PLATFORMS
  ruby

DEPENDENCIES
  autoprefixer-rails (~> 5.0)
  bootstrap-sass (~> 3.3.3)
  curb (~> 0.7.9)
  ember-rails (~> 0.15.0)
  ember-source (~> 1.8.0)
  font-awesome-rails (~> 4.3.0)
  geocomplete_rails (~> 1.6.0)
  google_directions (~> 0.1.6)
  handlebars-rails (~> 0.3.0)
  jquery-rails (~> 3.1.2)
  nokogiri (~> 1.6.0)
  pg (~> 0.17.0)
  puma
  rails (= 4.1.8)
  redis (~> 3.2.0)
  sass-rails (~> 4.0.3)
  spring
  uglifier (>= 1.3.0)
